PATH
  remote: .
  specs:
    cassandra-driver (3.0.0.beta.1)
      ione (~> 1.2)

GEM
  remote: https://rubygems.org/
  specs:
    aruba (0.9.0)
      childprocess (~> 0.5.6)
      contracts (~> 0.9)
      cucumber (>= 1.3.19)
      ffi (~> 1.9.10)
      rspec-expectations (>= 2.99)
      thor (~> 0.19)
    builder (3.2.2)
    childprocess (0.5.6)
      ffi (~> 1.0, >= 1.0.11)
    chronic (0.10.2)
    cliver (0.3.2)
    contracts (0.12.0)
    cucumber (2.1.0)
      builder (>= 2.1.2)
      cucumber-core (~> 1.3.0)
      diff-lcs (>= 1.1.3)
      gherkin3 (~> 3.1.0)
      multi_json (>= 1.7.5, < 2.0)
      multi_test (>= 0.1.2)
    cucumber-core (1.3.0)
      gherkin3 (~> 3.1.0)
    delorean (2.1.0)
      chronic
    diff-lcs (1.2.5)
    docile (1.1.5)
    ffi (1.9.10)
    ffi (1.9.10-java)
    gherkin3 (3.1.2)
    ione (1.2.2)
    json (1.8.3)
    json (1.8.3-java)
    lz4-ruby (0.3.3)
    lz4-ruby (0.3.3-java)
    minitest (4.7.5)
    multi_json (1.11.2)
    multi_test (0.1.2)
    os (0.9.6)
    perftools.rb (2.0.4)
    rake (10.4.2)
    rake-compiler (0.9.5)
      rake
    rspec (3.3.0)
      rspec-core (~> 3.3.0)
      rspec-expectations (~> 3.3.0)
      rspec-mocks (~> 3.3.0)
    rspec-collection_matchers (1.1.2)
      rspec-expectations (>= 2.99.0.beta1)
    rspec-core (3.3.2)
      rspec-support (~> 3.3.0)
    rspec-expectations (3.3.1)
      diff-lcs (>= 1.2.0, < 2.0)
      rspec-support (~> 3.3.0)
    rspec-mocks (3.3.2)
      diff-lcs (>= 1.2.0, < 2.0)
      rspec-support (~> 3.3.0)
    rspec-support (3.3.0)
    rspec-wait (0.0.7)
      rspec (>= 2.11, < 3.4)
    simplecov (0.10.0)
      docile (~> 1.1.0)
      json (~> 1.8)
      simplecov-html (~> 0.10.0)
    simplecov-html (0.10.0)
    snappy (0.0.12)
    snappy (0.0.12-java)
      snappy-jars (~> 1.1.0)
    snappy-jars (1.1.0.1.2-java)
    thor (0.19.1)
    yard (0.8.7.6)

PLATFORMS
  java
  ruby

DEPENDENCIES
  aruba
  bundler (~> 1.6)
  cassandra-driver!
  cliver
  cucumber
  delorean
  lz4-ruby
  minitest (< 5.0.0)
  os
  perftools.rb
  rake (~> 10.0)
  rake-compiler
  rspec
  rspec-collection_matchers
  rspec-wait
  simplecov
  snappy
  yard

BUNDLED WITH
   1.10.6
