PATH
  remote: .
  specs:
    cassandra-driver (3.2.3.rc.1)
      ione (~> 1.2)

GEM
  remote: https://rubygems.org/
  specs:
    ansi (1.5.0)
    aruba (0.13.0)
      childprocess (~> 0.5.6)
      contracts (~> 0.9)
      cucumber (>= 1.3.19)
      ffi (~> 1.9.10)
      rspec-expectations (>= 2.99)
      thor (~> 0.19)
    ast (2.3.0)
    builder (3.2.2)
    childprocess (0.5.9)
      ffi (~> 1.0, >= 1.0.11)
    chronic (0.10.2)
    cliver (0.3.2)
    contracts (0.13.0)
    cucumber (2.3.2)
      builder (>= 2.1.2)
      cucumber-core (~> 1.4.0)
      cucumber-wire (~> 0.0.1)
      diff-lcs (>= 1.1.3)
      gherkin (~> 3.2.0)
      multi_json (>= 1.7.5, < 2.0)
      multi_test (>= 0.1.2)
    cucumber-core (1.4.0)
      gherkin (~> 3.2.0)
    cucumber-wire (0.0.1)
    delorean (2.1.0)
      chronic
    diff-lcs (1.2.5)
    docile (1.1.5)
    ffi (1.9.10)
    ffi (1.9.10-java)
    gherkin (3.2.0)
    ione (1.2.4)
    json (1.8.6)
    json (1.8.6-java)
    lz4-ruby (0.3.3)
    lz4-ruby (0.3.3-java)
    minitest (4.7.5)
    multi_json (1.11.2)
    multi_test (0.1.2)
    os (0.9.6)
    parallel (1.12.0)
    parser (2.4.0.2)
      ast (~> 2.3)
    perftools.rb (2.0.4)
    powerpack (0.1.1)
    rainbow (2.2.2)
      rake
    rake (10.5.0)
    rake-compiler (0.9.5)
      rake
    rspec (3.4.0)
      rspec-core (~> 3.4.0)
      rspec-expectations (~> 3.4.0)
      rspec-mocks (~> 3.4.0)
    rspec-collection_matchers (1.1.2)
      rspec-expectations (>= 2.99.0.beta1)
    rspec-core (3.4.3)
      rspec-support (~> 3.4.0)
    rspec-expectations (3.4.0)
      diff-lcs (>= 1.2.0, < 2.0)
      rspec-support (~> 3.4.0)
    rspec-mocks (3.4.1)
      diff-lcs (>= 1.2.0, < 2.0)
      rspec-support (~> 3.4.0)
    rspec-support (3.4.1)
    rspec-wait (0.0.8)
      rspec (>= 2.11, < 3.5)
    rubocop (0.51.0)
      parallel (~> 1.10)
      parser (>= 2.3.3.1, < 3.0)
      powerpack (~> 0.1)
      rainbow (>= 2.2.2, < 3.0)
      ruby-progressbar (~> 1.7)
      unicode-display_width (~> 1.0, >= 1.0.1)
    ruby-progressbar (1.9.0)
    simplecov (0.11.2)
      docile (~> 1.1.0)
      json (~> 1.8)
      simplecov-html (~> 0.10.0)
    simplecov-html (0.10.0)
    snappy (0.0.14)
    snappy (0.0.14-java)
      snappy-jars (~> 1.1.0)
    snappy-jars (1.1.0.1.2-java)
    thor (0.19.1)
    unicode-display_width (1.3.0)
    yard (0.9.15)

PLATFORMS
  java
  ruby

DEPENDENCIES
  ansi
  aruba
  bundler (~> 1.6)
  cassandra-driver!
  cliver
  cucumber
  delorean
  lz4-ruby
  minitest (< 5.0.0)
  os
  perftools.rb
  rake (~> 10.0)
  rake-compiler
  rspec
  rspec-collection_matchers
  rspec-wait
  rubocop (~> 0.51)
  simplecov
  snappy
  yard

BUNDLED WITH
   1.16.0
