PATH
  remote: .
  specs:
    cassandra-driver (1.0.0.beta.4)
      ione (~> 1.2.0.pre4)

GEM
  remote: https://rubygems.org/
  specs:
    aruba (0.6.1)
      childprocess (>= 0.3.6)
      cucumber (>= 1.1.1)
      rspec-expectations (>= 2.7.0)
    bootstrap-sass (3.2.0.2)
      sass (~> 3.2)
    builder (3.2.2)
    celluloid (0.16.0)
      timers (~> 4.0.0)
    childprocess (0.5.3)
      ffi (~> 1.0, >= 1.0.11)
    chunky_png (1.3.1)
    cliver (0.3.2)
    coderay (1.1.0)
    colored (1.2)
    compass (1.0.1)
      chunky_png (~> 1.2)
      compass-core (~> 1.0.1)
      compass-import-once (~> 1.0.5)
      rb-fsevent (>= 0.9.3)
      rb-inotify (>= 0.9)
      sass (>= 3.3.13, < 3.5)
    compass-core (1.0.1)
      multi_json (~> 1.0)
      sass (>= 3.3.0, < 3.5)
    compass-import-once (1.0.5)
      sass (>= 3.2, < 3.5)
    cri (2.6.1)
      colored (~> 1.2)
    cucumber (1.3.17)
      builder (>= 2.1.2)
      diff-lcs (>= 1.1.3)
      gherkin (~> 2.12)
      multi_json (>= 1.7.5, < 2.0)
      multi_test (>= 0.1.1)
    diff-lcs (1.2.5)
    ditaarb (0.1.1)
    docile (1.1.5)
    ffi (1.9.3)
    ffi (1.9.3-java)
    formatador (0.2.5)
    gherkin (2.12.2)
      multi_json (~> 1.3)
    gherkin (2.12.2-java)
      multi_json (~> 1.3)
    guard (2.6.1)
      formatador (>= 0.2.4)
      listen (~> 2.7)
      lumberjack (~> 1.0)
      pry (>= 0.9.12)
      thor (>= 0.18.1)
    guard-nanoc (1.0.2)
      guard (>= 1.8.0)
      nanoc (>= 3.6.3)
    hitimes (1.2.2)
    htmlbeautifier (0.0.9)
    ione (1.2.0.pre4)
    jsmin (1.0.1)
    listen (2.7.9)
      celluloid (>= 0.15.2)
      rb-fsevent (>= 0.9.3)
      rb-inotify (>= 0.9)
    lumberjack (1.0.9)
    lz4-ruby (0.3.3)
    lz4-ruby (0.3.3-java)
    method_source (0.8.2)
    mini_portile (0.6.0)
    multi_json (1.10.1)
    multi_test (0.1.1)
    nanoc (3.7.3)
      cri (~> 2.3)
    nanoc-toolbox (0.2.1)
      jsmin (~> 1.0)
      nanoc (~> 3.7)
      nokogiri (~> 1.6)
    nokogiri (1.6.3.1)
      mini_portile (= 0.6.0)
    os (0.9.6)
    perftools.rb (2.0.1)
    pry (0.10.1)
      coderay (~> 1.1.0)
      method_source (~> 0.8.1)
      slop (~> 3.4)
    rake (10.3.2)
    rake-compiler (0.9.3)
      rake
    rb-fsevent (0.9.4)
    rb-inotify (0.9.5)
      ffi (>= 0.5.0)
    redcarpet (3.1.2)
    rouge (1.7.1)
    rspec (3.1.0)
      rspec-core (~> 3.1.0)
      rspec-expectations (~> 3.1.0)
      rspec-mocks (~> 3.1.0)
    rspec-collection_matchers (1.0.0)
      rspec-expectations (>= 2.99.0.beta1)
    rspec-core (3.1.4)
      rspec-support (~> 3.1.0)
    rspec-expectations (3.1.1)
      diff-lcs (>= 1.2.0, < 2.0)
      rspec-support (~> 3.1.0)
    rspec-mocks (3.1.1)
      rspec-support (~> 3.1.0)
    rspec-support (3.1.0)
    rubypants (0.2.0)
    sass (3.4.4)
    simplecov (0.9.0)
      docile (~> 1.1.0)
      multi_json
      simplecov-html (~> 0.8.0)
    simplecov-html (0.8.0)
    slop (3.6.0)
    snappy (0.0.10)
    snappy (0.0.10-java)
      snappy-jars (~> 1.1.0)
    snappy-jars (1.1.0.1.2-java)
    thor (0.19.1)
    timers (4.0.1)
      hitimes
    yard (0.8.7.4)

PLATFORMS
  java
  ruby

DEPENDENCIES
  aruba
  bootstrap-sass
  bundler (~> 1.6)
  cassandra-driver!
  cliver
  compass
  cucumber
  ditaarb
  gherkin
  guard
  guard-nanoc
  htmlbeautifier
  lz4-ruby
  nanoc
  nanoc-toolbox
  nokogiri
  os
  perftools.rb
  rake (~> 10.0)
  rake-compiler
  redcarpet
  rouge
  rspec
  rspec-collection_matchers
  rubypants
  simplecov
  snappy
  yard
